PATH
  remote: .
  specs:
    db_acts_as_versioned (3.5.0)

GEM
  remote: https://rubygems.org/
  specs:
    rake (10.3.2)

PLATFORMS
  ruby

DEPENDENCIES
  bundler (~> 1.3)
  db_acts_as_versioned!
  rake
